GEM
  specs:
    minitest (5.10.1)
    rake (12.3.0)

PLATFORMS
  ruby

DEPENDENCIES
  minitest
  rake

RUBY VERSION
   ruby 2.4.3p205

BUNDLED WITH
   1.16.1
